GEM
  remote: https://rubygems.org/
  specs:
    google-protobuf (3.21.9-x86_64-darwin)
    googleapis-common-protos-types (1.4.0)
      google-protobuf (~> 3.14)
    grpc (1.50.0-x86_64-darwin)
      google-protobuf (~> 3.21)
      googleapis-common-protos-types (~> 1.0)
    grpc-tools (1.50.0)

PLATFORMS
  x86_64-darwin-20

DEPENDENCIES
  grpc
  grpc-tools

BUNDLED WITH
   2.2.11
